PATH
  remote: .
  specs:
    elvallenato (0.0.5)
      RedCloth
      nokogiri

GEM
  remote: http://rubygems.org/
  specs:
    RedCloth (4.2.9)
    awesome_print (1.1.0)
    coderay (1.1.0)
    diff-lcs (1.2.5)
    formatador (0.2.4)
    guard (1.7.0)
      formatador (>= 0.2.4)
      listen (>= 0.6.0)
      lumberjack (>= 1.0.2)
      pry (>= 0.9.10)
      thor (>= 0.14.6)
    guard-bundler (1.0.0)
      bundler (~> 1.0)
      guard (~> 1.1)
    guard-rspec (1.2.1)
      guard (>= 1.1)
    listen (0.7.3)
    lumberjack (1.0.5)
    method_source (0.8.2)
    nokogiri (1.5.5)
    pry (0.9.12.6)
      coderay (~> 1.0)
      method_source (~> 0.8)
      slop (~> 3.4)
    rb-fsevent (0.9.4)
    rspec (2.14.1)
      rspec-core (~> 2.14.0)
      rspec-expectations (~> 2.14.0)
      rspec-mocks (~> 2.14.0)
    rspec-core (2.14.8)
    rspec-expectations (2.14.5)
      diff-lcs (>= 1.1.3, < 2.0)
    rspec-mocks (2.14.6)
    slop (3.5.0)
    thor (0.19.1)

PLATFORMS
  ruby

DEPENDENCIES
  awesome_print
  elvallenato!
  guard
  guard-bundler
  guard-rspec
  rb-fsevent
  rspec
